GIT
  remote: git://github.com/albertoleal/devise_ldap_authenticatable.git
  revision: 8edd7a96e26a06cef41afbf604c667584e47d2c8
  specs:
    devise_ldap_authenticatable (0.4.6)
      devise (>= 1.1.2)
      net-ldap (= 0.1.1)

GIT
  remote: https://github.com/plataformatec/devise.git
  revision: b1a27ad6338638e537adf3fc1814e3f1dcf5d811
  specs:
    devise (1.4.0.dev)
      bcrypt-ruby (~> 2.1.2)
      orm_adapter (~> 0.0.3)
      warden (~> 1.0.3)

GEM
  remote: http://rubygems.org/
  specs:
    abstract (1.0.0)
    actionmailer (3.0.7)
      actionpack (= 3.0.7)
      mail (~> 2.2.15)
    actionpack (3.0.7)
      activemodel (= 3.0.7)
      activesupport (= 3.0.7)
      builder (~> 2.1.2)
      erubis (~> 2.6.6)
      i18n (~> 0.5.0)
      rack (~> 1.2.1)
      rack-mount (~> 0.6.14)
      rack-test (~> 0.5.7)
      tzinfo (~> 0.3.23)
    activemodel (3.0.7)
      activesupport (= 3.0.7)
      builder (~> 2.1.2)
      i18n (~> 0.5.0)
    activerecord (3.0.7)
      activemodel (= 3.0.7)
      activesupport (= 3.0.7)
      arel (~> 2.0.2)
      tzinfo (~> 0.3.23)
    activeresource (3.0.7)
      activemodel (= 3.0.7)
      activesupport (= 3.0.7)
    activesupport (3.0.7)
    archive-tar-minitar (0.5.2)
    arel (2.0.9)
    bcrypt-ruby (2.1.4)
    builder (2.1.2)
    columnize (0.3.2)
    diff-lcs (1.1.2)
    erubis (2.6.6)
      abstract (>= 1.0.0)
    i18n (0.5.0)
    linecache19 (0.5.12)
      ruby_core_source (>= 0.1.4)
    mail (2.2.19)
      activesupport (>= 2.3.6)
      i18n (>= 0.4.0)
      mime-types (~> 1.16)
      treetop (~> 1.4.8)
    menu_builder (0.3.3)
    mime-types (1.16)
    mysql2 (0.2.7)
    net-ldap (0.1.1)
    oauth (0.4.4)
    oauth-plugin (0.4.0.pre4)
      oauth (>= 0.4.4)
    orm_adapter (0.0.4)
    paperclip (2.3.3)
      activerecord
      activesupport
    polyglot (0.3.1)
    rack (1.2.2)
    rack-mount (0.6.14)
      rack (>= 1.0.0)
    rack-test (0.5.7)
      rack (>= 1.0)
    rails (3.0.7)
      actionmailer (= 3.0.7)
      actionpack (= 3.0.7)
      activerecord (= 3.0.7)
      activeresource (= 3.0.7)
      activesupport (= 3.0.7)
      bundler (~> 1.0)
      railties (= 3.0.7)
    railties (3.0.7)
      actionpack (= 3.0.7)
      activesupport (= 3.0.7)
      rake (>= 0.8.7)
      thor (~> 0.14.4)
    rake (0.8.7)
    rspec (2.6.0.rc2)
      rspec-core (= 2.6.0.rc2)
      rspec-expectations (= 2.6.0.rc2)
      rspec-mocks (= 2.6.0.rc2)
    rspec-core (2.6.0.rc2)
    rspec-expectations (2.6.0.rc2)
      diff-lcs (~> 1.1.2)
    rspec-mocks (2.6.0.rc2)
    rspec-rails (2.6.0.rc2)
      actionpack (~> 3.0)
      activesupport (~> 3.0)
      railties (~> 3.0)
      rspec (= 2.6.0.rc2)
    ruby-debug-base19 (0.11.25)
      columnize (>= 0.3.1)
      linecache19 (>= 0.5.11)
      ruby_core_source (>= 0.1.4)
    ruby-debug19 (0.11.6)
      columnize (>= 0.3.1)
      linecache19 (>= 0.5.11)
      ruby-debug-base19 (>= 0.11.19)
    ruby_core_source (0.1.5)
      archive-tar-minitar (>= 0.5.2)
    sqlite3 (1.3.3)
    thor (0.14.6)
    treetop (1.4.9)
      polyglot (>= 0.3.1)
    tzinfo (0.3.26)
    warden (1.0.3)
      rack (>= 1.0.0)
    will_paginate (3.0.pre2)

PLATFORMS
  ruby

DEPENDENCIES
  devise!
  devise_ldap_authenticatable!
  menu_builder (= 0.3.3)
  mysql2
  oauth
  oauth-plugin (>= 0.4.0.pre1)
  paperclip (= 2.3.3)
  rails (= 3.0.7)
  rspec (>= 2.0.0.beta.11)
  rspec-rails (>= 2.0.0.beta.11)
  ruby-debug19
  sqlite3
  will_paginate (= 3.0.pre2)
